GIT
  remote: https://github.com/palkan/influxdb-ruby
  revision: 425cbb9556554ac050734c7025e3e5477313aed2
  specs:
    influxdb (0.1.8)
      json

GEM
  remote: https://rubygems.org/
  specs:
    httparty (0.13.5)
      json (~> 1.8)
      multi_xml (>= 0.5.2)
    json (1.8.3)
    multi_xml (0.5.5)

PLATFORMS
  ruby

DEPENDENCIES
  httparty
  influxdb!
